GEM
  remote: https://rubygems.org/
  specs:
    airbrussh (1.4.0)
      sshkit (>= 1.6.1, != 1.7.0)
    byebug (11.1.3)
    capistrano (3.14.0)
      airbrussh (>= 1.0.0)
      i18n
      rake (>= 10.0.0)
      sshkit (>= 1.9.0)
    coderay (1.1.2)
    concurrent-ruby (1.1.6)
    dotenv (2.7.5)
    faraday (1.0.1)
      multipart-post (>= 1.2, < 3)
    faraday_middleware (1.0.0)
      faraday (~> 1.0)
    i18n (1.8.2)
      concurrent-ruby (~> 1.0)
    ipaddr (1.2.2)
    jwt (2.2.1)
    logger (1.4.2)
    method_source (1.0.0)
    multi_json (1.14.1)
    multi_xml (0.6.0)
    multipart-post (2.1.1)
    net-scp (3.0.0)
      net-ssh (>= 2.6.5, < 7.0.0)
    net-ssh (6.0.2)
    oauth2 (1.4.4)
      faraday (>= 0.8, < 2.0)
      jwt (>= 1.0, < 3.0)
      multi_json (~> 1.3)
      multi_xml (~> 0.5)
      rack (>= 1.2, < 3)
    openssl (2.1.2)
      ipaddr
    pry (0.13.1)
      coderay (~> 1.1)
      method_source (~> 1.0)
    pry-byebug (3.9.0)
      byebug (~> 11.0)
      pry (~> 0.13.0)
    rack (2.2.2)
    rake (13.0.1)
    sshkit (1.21.0)
      net-scp (>= 1.1.2)
      net-ssh (>= 2.8.0)
    yaml (0.1.0)

PLATFORMS
  ruby

DEPENDENCIES
  capistrano
  dotenv
  faraday
  faraday_middleware
  logger
  oauth2
  openssl
  pry-byebug
  yaml

RUBY VERSION
   ruby 2.7.1p83

BUNDLED WITH
   2.1.4
