GEM
  remote: https://rubygems.org/
  specs:
    airbrussh (1.4.0)
      sshkit (>= 1.6.1, != 1.7.0)
    capistrano (3.14.0)
      airbrussh (>= 1.0.0)
      i18n
      rake (>= 10.0.0)
      sshkit (>= 1.9.0)
    concurrent-ruby (1.1.6)
    dotenv (2.7.5)
    faraday (1.0.1)
      multipart-post (>= 1.2, < 3)
    i18n (1.8.2)
      concurrent-ruby (~> 1.0)
    ipaddr (1.2.2)
    logger (1.4.2)
    multipart-post (2.1.1)
    net-scp (3.0.0)
      net-ssh (>= 2.6.5, < 7.0.0)
    net-ssh (6.0.2)
    openssl (2.1.2)
      ipaddr
    rake (13.0.1)
    sshkit (1.21.0)
      net-scp (>= 1.1.2)
      net-ssh (>= 2.8.0)
    yaml (0.1.0)

PLATFORMS
  ruby

DEPENDENCIES
  capistrano
  dotenv
  faraday
  logger
  openssl
  yaml

RUBY VERSION
   ruby 2.7.1p83

BUNDLED WITH
   2.1.4
